PATH
  remote: .
  specs:
    sidekiq-eventbus (0.1.0)
      concurrent-ruby (>= 1.0.0, < 2.0)
      sidekiq (>= 4.0.0, < 8.0)

GEM
  remote: https://rubygems.org/
  specs:
    concurrent-ruby (1.1.7)
    connection_pool (2.4.0)
    diff-lcs (1.4.4)
    rack (3.0.7)
    redis-client (0.14.1)
      connection_pool
    rspec (3.9.0)
      rspec-core (~> 3.9.0)
      rspec-expectations (~> 3.9.0)
      rspec-mocks (~> 3.9.0)
    rspec-core (3.9.3)
      rspec-support (~> 3.9.3)
    rspec-expectations (3.9.3)
      diff-lcs (>= 1.2.0, < 2.0)
      rspec-support (~> 3.9.0)
    rspec-mocks (3.9.1)
      diff-lcs (>= 1.2.0, < 2.0)
      rspec-support (~> 3.9.0)
    rspec-support (3.9.4)
    sidekiq (7.0.8)
      concurrent-ruby (< 2)
      connection_pool (>= 2.3.0)
      rack (>= 2.2.4)
      redis-client (>= 0.11.0)

PLATFORMS
  ruby

DEPENDENCIES
  rspec (>= 3.5.0, < 4.0)
  sidekiq-eventbus!

BUNDLED WITH
   2.1.4
